GEM
  remote: https://rubygems.org/
  specs:
    chunky_png (1.3.11)
    rake (13.0.1)

PLATFORMS
  ruby

DEPENDENCIES
  chunky_png (~> 1.3)
  rake (~> 13.0)

BUNDLED WITH
   2.1.4
