GEM
  remote: https://rubygems.org/
  specs:
    chunky_png (1.3.11)

PLATFORMS
  ruby

DEPENDENCIES
  chunky_png (~> 1.3)

BUNDLED WITH
   2.1.4
